PATH
  remote: .
  specs:
    gitlab-ci-lint (0.1.1)

GEM
  remote: https://rubygems.org/
  specs:
    OptionParser (0.5.1)
    colorize (0.8.1)
    diff-lcs (1.3)
    httparty (0.18.0)
      mime-types (~> 3.0)
      multi_xml (>= 0.5.2)
    mime-types (3.3.1)
      mime-types-data (~> 3.2015)
    mime-types-data (3.2020.0425)
    multi_xml (0.6.0)
    rake (13.0.1)
    rspec (3.9.0)
      rspec-core (~> 3.9.0)
      rspec-expectations (~> 3.9.0)
      rspec-mocks (~> 3.9.0)
    rspec-core (3.9.1)
      rspec-support (~> 3.9.1)
    rspec-expectations (3.9.1)
      diff-lcs (>= 1.2.0, < 2.0)
      rspec-support (~> 3.9.0)
    rspec-mocks (3.9.1)
      diff-lcs (>= 1.2.0, < 2.0)
      rspec-support (~> 3.9.0)
    rspec-support (3.9.2)
    yaml (0.1.0)

PLATFORMS
  x64-mingw32

DEPENDENCIES
  OptionParser
  bundler
  colorize
  gitlab-ci-lint!
  httparty
  rake
  rspec
  yaml

BUNDLED WITH
   2.1.4
